GEM
  remote: https://rubygems.org/
  specs:
    activesupport (5.2.1)
      concurrent-ruby (~> 1.0, >= 1.0.2)
      i18n (>= 0.7, < 2)
      minitest (~> 5.1)
      tzinfo (~> 1.1)
    concurrent-ruby (1.0.5)
    dotenv (2.5.0)
    event_emitter (0.2.6)
    eventmachine (1.2.7)
    faraday (0.15.3)
      multipart-post (>= 1.2, < 3)
    faraday_middleware (0.10.1)
      faraday (>= 0.7.4, < 1.0)
    faye-websocket (0.10.7)
      eventmachine (>= 0.12.0)
      websocket-driver (>= 0.5.1)
    git (1.5.0)
    i18n (1.1.1)
      concurrent-ruby (~> 1.0)
    mem (0.1.5)
    minitest (5.11.3)
    multi_json (1.13.1)
    multipart-post (2.0.0)
    rake (12.3.1)
    ruboty (1.3.0)
      activesupport
      bundler
      dotenv
      mem
      slop
    ruboty-alias (0.0.8)
      ruboty (>= 1.1.1)
    ruboty-choose (0.1.2)
      ruboty
    ruboty-page_speed_insights (0.1.1)
      ruboty
    ruboty-record_date (0.1.0)
      ruboty
    ruboty-slack_rtm (3.1.0)
      faraday (~> 0.11)
      ruboty (>= 1.1.4)
      slack-api (~> 1.6)
      websocket-client-simple (~> 0.3.0)
    ruboty-wiki_search (0.2.0)
      git
      ruboty
    slack-api (1.6.1)
      faraday (~> 0.11)
      faraday_middleware (~> 0.10.0)
      faye-websocket (~> 0.10.6)
      multi_json (~> 1.0, >= 1.0.3)
    slop (4.6.2)
    thread_safe (0.3.6)
    tzinfo (1.2.5)
      thread_safe (~> 0.1)
    websocket (1.2.8)
    websocket-client-simple (0.3.0)
      event_emitter
      websocket
    websocket-driver (0.7.0)
      websocket-extensions (>= 0.1.0)
    websocket-extensions (0.1.3)

PLATFORMS
  ruby

DEPENDENCIES
  dotenv
  rake
  ruboty
  ruboty-alias
  ruboty-choose
  ruboty-page_speed_insights
  ruboty-record_date
  ruboty-slack_rtm
  ruboty-wiki_search

BUNDLED WITH
   1.16.5
